PATH
  remote: .
  specs:
    activefire (0.1.0)
      google-cloud-firestore

GEM
  remote: https://rubygems.org/
  specs:
    addressable (2.8.0)
      public_suffix (>= 2.0.2, < 5.0)
    ast (2.4.2)
    concurrent-ruby (1.1.10)
    diff-lcs (1.5.0)
    dotenv (2.7.6)
    faraday (2.3.0)
      faraday-net_http (~> 2.0)
      ruby2_keywords (>= 0.0.4)
    faraday-net_http (2.0.3)
    faraday-retry (2.0.0)
      faraday (~> 2.0)
    gapic-common (0.10.0)
      faraday (>= 1.9, < 3.a)
      faraday-retry (>= 1.0, < 3.a)
      google-protobuf (~> 3.14)
      googleapis-common-protos (>= 1.3.12, < 2.a)
      googleapis-common-protos-types (>= 1.3.1, < 2.a)
      googleauth (~> 1.0)
      grpc (~> 1.36)
    google-cloud-core (1.6.0)
      google-cloud-env (~> 1.0)
      google-cloud-errors (~> 1.0)
    google-cloud-env (1.6.0)
      faraday (>= 0.17.3, < 3.0)
    google-cloud-errors (1.2.0)
    google-cloud-firestore (2.7.1)
      concurrent-ruby (~> 1.0)
      google-cloud-core (~> 1.5)
      google-cloud-firestore-v1 (~> 0.0)
      rbtree (~> 0.4.2)
    google-cloud-firestore-v1 (0.7.0)
      gapic-common (>= 0.10, < 2.a)
      google-cloud-errors (~> 1.0)
    google-protobuf (3.21.2)
    googleapis-common-protos (1.3.12)
      google-protobuf (~> 3.14)
      googleapis-common-protos-types (~> 1.2)
      grpc (~> 1.27)
    googleapis-common-protos-types (1.3.2)
      google-protobuf (~> 3.14)
    googleauth (1.2.0)
      faraday (>= 0.17.3, < 3.a)
      jwt (>= 1.4, < 3.0)
      memoist (~> 0.16)
      multi_json (~> 1.11)
      os (>= 0.9, < 2.0)
      signet (>= 0.16, < 2.a)
    grpc (1.47.0)
      google-protobuf (~> 3.19)
      googleapis-common-protos-types (~> 1.0)
    json (2.6.2)
    jwt (2.4.1)
    kwalify (0.7.2)
    memoist (0.16.2)
    multi_json (1.15.0)
    os (1.1.4)
    parallel (1.22.1)
    parser (3.1.2.0)
      ast (~> 2.4.1)
    public_suffix (4.0.7)
    rainbow (3.1.1)
    rake (12.3.3)
    rbtree (0.4.5)
    reek (6.1.1)
      kwalify (~> 0.7.0)
      parser (~> 3.1.0)
      rainbow (>= 2.0, < 4.0)
    regexp_parser (2.5.0)
    rexml (3.2.5)
    rspec (3.11.0)
      rspec-core (~> 3.11.0)
      rspec-expectations (~> 3.11.0)
      rspec-mocks (~> 3.11.0)
    rspec-core (3.11.0)
      rspec-support (~> 3.11.0)
    rspec-expectations (3.11.0)
      diff-lcs (>= 1.2.0, < 2.0)
      rspec-support (~> 3.11.0)
    rspec-mocks (3.11.1)
      diff-lcs (>= 1.2.0, < 2.0)
      rspec-support (~> 3.11.0)
    rspec-support (3.11.0)
    rubocop (1.31.2)
      json (~> 2.3)
      parallel (~> 1.10)
      parser (>= 3.1.0.0)
      rainbow (>= 2.2.2, < 4.0)
      regexp_parser (>= 1.8, < 3.0)
      rexml (>= 3.2.5, < 4.0)
      rubocop-ast (>= 1.18.0, < 2.0)
      ruby-progressbar (~> 1.7)
      unicode-display_width (>= 1.4.0, < 3.0)
    rubocop-ast (1.19.1)
      parser (>= 3.1.1.0)
    ruby-progressbar (1.11.0)
    ruby2_keywords (0.0.5)
    signet (0.17.0)
      addressable (~> 2.8)
      faraday (>= 0.17.5, < 3.a)
      jwt (>= 1.5, < 3.0)
      multi_json (~> 1.10)
    unicode-display_width (2.2.0)

PLATFORMS
  ruby

DEPENDENCIES
  activefire!
  dotenv
  rake (~> 12.0)
  reek
  rspec (~> 3.0)
  rubocop

BUNDLED WITH
   2.1.4
